PATH
  remote: .
  specs:
    rMeetup (1.1.0)
      json (~> 1.8.2)

GEM
  remote: https://rubygems.org/
  specs:
    diff-lcs (1.1.3)
    json (1.8.3)
    link_header (0.0.8)
    rake (10.1.1)
    rspec (2.8.0)
      rspec-core (~> 2.8.0)
      rspec-expectations (~> 2.8.0)
      rspec-mocks (~> 2.8.0)
    rspec-core (2.8.0)
    rspec-expectations (2.8.0)
      diff-lcs (~> 1.1.2)
    rspec-mocks (2.8.0)

PLATFORMS
  ruby

DEPENDENCIES
  bundler (~> 1.3)
  link_header
  rMeetup!
  rake
  rspec

BUNDLED WITH
   1.12.5
